GIT
  remote: https://github.com/ourhealth/restforce.git
  revision: 68440251486fd0a94f42baa1bb6c7cc09188aa7b
  branch: pushtopic-replay
  specs:
    restforce (2.4.2)
      faraday (~> 0.9.0)
      faraday_middleware (>= 0.8.8)
      hashie (>= 1.2.0, < 4.0)
      json (>= 1.7.5)

GEM
  remote: https://rubygems.org/
  specs:
    activesupport (5.0.0.1)
      concurrent-ruby (~> 1.0, >= 1.0.2)
      i18n (~> 0.7)
      minitest (~> 5.1)
      tzinfo (~> 1.1)
    addressable (2.4.0)
    awesome_print (1.7.0)
    coderay (1.1.1)
    concurrent-ruby (1.0.2)
    cookiejar (0.3.3)
    dotenv (2.1.1)
    em-http-request (1.1.5)
      addressable (>= 2.3.4)
      cookiejar (!= 0.3.1)
      em-socksify (>= 0.3)
      eventmachine (>= 1.0.3)
      http_parser.rb (>= 0.6.0)
    em-socksify (0.3.1)
      eventmachine (>= 1.0.0.beta.4)
    eventmachine (1.2.0.1)
    faraday (0.9.2)
      multipart-post (>= 1.2, < 3)
    faraday_middleware (0.10.1)
      faraday (>= 0.7.4, < 1.0)
    faye (0.8.9)
      cookiejar (>= 0.3.0)
      em-http-request (>= 0.3.0)
      eventmachine (>= 0.12.0)
      faye-websocket (>= 0.4.0)
      rack (>= 1.0.0)
      yajl-ruby (>= 1.0.0)
    faye-websocket (0.10.4)
      eventmachine (>= 0.12.0)
      websocket-driver (>= 0.5.1)
    hashie (3.4.6)
    http_parser.rb (0.6.0)
    i18n (0.7.0)
    json (2.0.2)
    method_source (0.8.2)
    minitest (5.9.1)
    multipart-post (2.0.0)
    pry (0.10.4)
      coderay (~> 1.1.0)
      method_source (~> 0.8.1)
      slop (~> 3.4)
    rack (2.0.1)
    rake (11.3.0)
    slop (3.6.0)
    thread_safe (0.3.5)
    tzinfo (1.2.2)
      thread_safe (~> 0.1)
    websocket-driver (0.6.4)
      websocket-extensions (>= 0.1.0)
    websocket-extensions (0.1.2)
    yajl-ruby (1.2.1)

PLATFORMS
  ruby

DEPENDENCIES
  activesupport
  awesome_print
  dotenv
  faye (= 0.8.9)
  pry
  rake
  restforce!

RUBY VERSION
   ruby 2.3.1p112

BUNDLED WITH
   1.13.6
